GEM
  remote: https://rubygems.org/
  specs:
    tty-screen (0.8.1)

PLATFORMS
  x86_64-darwin-19

DEPENDENCIES
  tty-screen

BUNDLED WITH
   2.2.3
